GEM
  remote: https://rubygems.org/
  specs:
    evohome (1.0.0)
      httparty (~> 0.15.6)
    httparty (0.15.6)
      multi_xml (>= 0.5.2)
    influxdb (0.5.2)
    multi_xml (0.6.0)

PLATFORMS
  ruby

DEPENDENCIES
  evohome
  influxdb

BUNDLED WITH
   1.16.0
